GIT
  remote: git://github.com/Shopify/active_shipping.git
  revision: 53d9ce8a1c6bb111b5613feda53d6438a850ed68
  branch: fix-track-country
  specs:
    active_shipping (1.4.0)
      active_utils (~> 3.0.0)
      activesupport (>= 3.2, < 5.0.0)
      nokogiri (>= 1.6)
      quantified (~> 1.0.1)

GEM
  remote: https://rubygems.org/
  specs:
    active_utils (3.0.0)
      activesupport (>= 3.2)
      i18n
    activesupport (4.2.2)
      i18n (~> 0.7)
      json (~> 1.7, >= 1.7.7)
      minitest (~> 5.1)
      thread_safe (~> 0.3, >= 0.3.4)
      tzinfo (~> 1.1)
    gruff (0.6.0)
      rmagick (>= 2.13.4)
    i18n (0.7.0)
    json (1.8.3)
    mini_portile (0.6.2)
    minitest (5.7.0)
    nokogiri (1.6.6.2)
      mini_portile (~> 0.6.0)
    quantified (1.0.1)
    rmagick (2.15.2)
    thread_safe (0.3.5)
    tzinfo (1.2.2)
      thread_safe (~> 0.1)

PLATFORMS
  ruby

DEPENDENCIES
  active_shipping!
  gruff
